GEM
  remote: https://rubygems.org/
  specs:
    StreetAddress (1.0.6)
    activesupport (6.0.2.2)
      concurrent-ruby (~> 1.0, >= 1.0.2)
      i18n (>= 0.7, < 2)
      minitest (~> 5.1)
      tzinfo (~> 1.1)
      zeitwerk (~> 2.2)
    ast (2.4.0)
    concurrent-ruby (1.1.6)
    geocoder (1.6.2)
    google_maps_service (0.4.2)
      hurley (~> 0.1)
      multi_json (~> 1.11)
      retriable (~> 2.0)
    hashie (3.6.0)
    hurley (0.2)
    i18n (1.8.2)
      concurrent-ruby (~> 1.0)
    jaro_winkler (1.5.4)
    json (2.3.0)
    minitest (5.14.0)
    multi_json (1.14.1)
    parallel (1.19.1)
    parser (2.7.1.0)
      ast (~> 2.4.0)
    rainbow (3.0.0)
    rake (13.0.1)
    redis (4.1.3)
    retriable (2.1.0)
    rexml (3.2.4)
    rubocop (0.81.0)
      jaro_winkler (~> 1.5.1)
      parallel (~> 1.10)
      parser (>= 2.7.0.1)
      rainbow (>= 2.2.2, < 4.0)
      rexml
      ruby-progressbar (~> 1.7)
      unicode-display_width (>= 1.4.0, < 2.0)
    ruby-progressbar (1.10.1)
    thread_safe (0.3.6)
    tzinfo (1.2.7)
      thread_safe (~> 0.1)
    unicode-display_width (1.7.0)
    zeitwerk (2.3.0)

PLATFORMS
  ruby

DEPENDENCIES
  StreetAddress (~> 1.0, >= 1.0.6)
  activesupport (~> 6.0, >= 6.0.2.2)
  geocoder (~> 1.3, >= 1.3.7)
  google_maps_service (~> 0.4.2)
  hashie (~> 3.4, >= 3.4.4)
  json (~> 2.3)
  rake (~> 13.0, >= 13.0.1)
  redis (~> 4.1, >= 4.1.3)
  rubocop

RUBY VERSION
   ruby 2.7.0p0

BUNDLED WITH
   2.1.2
