GIT
  remote: https://github.com/Spark-Bio/geoservices-ruby.git
  revision: d1ffff489626b0f795db4f3d4833d2768f0624e0
  specs:
    geoservices (0.0.13)

GEM
  remote: https://rubygems.org/
  specs:
    StreetAddress (1.0.6)
    activemodel (6.0.3.1)
      activesupport (= 6.0.3.1)
    activesupport (6.0.3.1)
      concurrent-ruby (~> 1.0, >= 1.0.2)
      i18n (>= 0.7, < 2)
      minitest (~> 5.1)
      tzinfo (~> 1.1)
      zeitwerk (~> 2.2, >= 2.2.2)
    ast (2.4.0)
    coderay (1.1.2)
    concurrent-ruby (1.1.6)
    coveralls (0.8.23)
      json (>= 1.8, < 3)
      simplecov (~> 0.16.1)
      term-ansicolor (~> 1.3)
      thor (>= 0.19.4, < 2.0)
      tins (~> 1.6)
    docile (1.3.2)
    faraday (1.0.1)
      multipart-post (>= 1.2, < 3)
    faraday-detailed_logger (2.3.0)
      faraday (>= 0.8, < 2)
    faraday_middleware (1.0.0)
      faraday (~> 1.0)
    geocoder (1.6.2)
    geodesics (1.0.0)
    google_maps_service (0.4.2)
      hurley (~> 0.1)
      multi_json (~> 1.11)
      retriable (~> 2.0)
    hashie (3.6.0)
    hurley (0.2)
    i18n (1.8.2)
      concurrent-ruby (~> 1.0)
    jaro_winkler (1.5.4)
    json (2.3.0)
    method_source (1.0.0)
    minitest (5.14.0)
    multi_json (1.14.1)
    multipart-post (2.1.1)
    ox (2.13.2)
    parallel (1.19.1)
    parser (2.7.1.1)
      ast (~> 2.4.0)
    pry (0.13.1)
      coderay (~> 1.1)
      method_source (~> 1.0)
    rainbow (3.0.0)
    rake (13.0.1)
    redis (4.1.3)
    retriable (2.1.0)
    rexml (3.2.4)
    rubocop (0.82.0)
      jaro_winkler (~> 1.5.1)
      parallel (~> 1.10)
      parser (>= 2.7.0.1)
      rainbow (>= 2.2.2, < 4.0)
      rexml
      ruby-progressbar (~> 1.7)
      unicode-display_width (>= 1.4.0, < 2.0)
    ruby-progressbar (1.10.1)
    rubyzip (2.3.0)
    simplecov (0.16.1)
      docile (~> 1.1)
      json (>= 1.8, < 3)
      simplecov-html (~> 0.10.0)
    simplecov-html (0.10.2)
    sync (0.5.0)
    term-ansicolor (1.7.1)
      tins (~> 1.0)
    thor (1.0.1)
    thread_safe (0.3.6)
    tins (1.24.1)
      sync
    tzinfo (1.2.10)
      thread_safe (~> 0.1)
    unicode-display_width (1.7.0)
    xsv (0.3.12)
      ox (>= 2.9)
      rubyzip (>= 1.3, < 3)
    zeitwerk (2.3.0)

PLATFORMS
  ruby

DEPENDENCIES
  StreetAddress (~> 1.0, >= 1.0.6)
  activemodel (~> 6.0)
  activesupport (~> 6.0)
  coveralls
  faraday (~> 1.0, >= 1.0.1)
  faraday-detailed_logger (~> 2.3)
  faraday_middleware (~> 1.0)
  geocoder (~> 1.3, >= 1.3.7)
  geodesics (~> 1.0)
  geoservices!
  google_maps_service (~> 0.4.2)
  hashie (~> 3.4, >= 3.4.4)
  jaro_winkler (~> 1.4)
  json (~> 2.3)
  minitest (~> 5.14)
  pry
  rake (~> 13.0, >= 13.0.1)
  redis (~> 4.1, >= 4.1.3)
  rubocop
  xsv (~> 0.3.11)

RUBY VERSION
   ruby 2.7.1p83

BUNDLED WITH
   2.1.4
